GEM
  remote: https://rubygems.org/
  specs:
    abstract_type (0.0.7)
    adamantium (0.2.0)
      ice_nine (~> 0.11.0)
      memoizable (~> 0.4.0)
    addressable (2.3.8)
    ast (2.1.0)
    axiom-types (0.1.1)
      descendants_tracker (~> 0.0.4)
      ice_nine (~> 0.11.0)
      thread_safe (~> 0.3, >= 0.3.1)
    coercible (1.0.0)
      descendants_tracker (~> 0.0.1)
    concord (0.1.5)
      adamantium (~> 0.2.0)
      equalizer (~> 0.0.9)
    descendants_tracker (0.0.4)
      thread_safe (~> 0.3, >= 0.3.1)
    diff-lcs (1.2.5)
    equalizer (0.0.11)
    flay (2.4.0)
      ruby_parser (~> 3.0)
      sexp_processor (~> 4.0)
    flog (4.2.1)
      ruby_parser (~> 3.1, > 3.1.0)
      sexp_processor (~> 4.4)
    ice_nine (0.11.1)
    json (1.8.3)
    launchy (2.4.3)
      addressable (~> 2.3)
    memoizable (0.4.2)
      thread_safe (~> 0.3, >= 0.3.1)
    mixlib-cli (1.5.0)
    parser (2.2.2.6)
      ast (>= 1.1, < 3.0)
    procto (0.0.2)
    rainbow (2.0.0)
    reek (1.6.5)
      parser (~> 2.2.0.pre.7)
      rainbow (>= 1.99, < 3.0)
      unparser (~> 0.2.2)
    rspec (3.3.0)
      rspec-core (~> 3.3.0)
      rspec-expectations (~> 3.3.0)
      rspec-mocks (~> 3.3.0)
    rspec-core (3.3.2)
      rspec-support (~> 3.3.0)
    rspec-expectations (3.3.1)
      diff-lcs (>= 1.2.0, < 2.0)
      rspec-support (~> 3.3.0)
    rspec-mocks (3.3.2)
      diff-lcs (>= 1.2.0, < 2.0)
      rspec-support (~> 3.3.0)
    rspec-support (3.3.0)
    ruby_parser (3.7.1)
      sexp_processor (~> 4.1)
    rubycritic (1.4.0)
      flay (= 2.4.0)
      flog (= 4.2.1)
      parser (>= 2.2.0, < 3.0)
      reek (= 1.6.5)
      virtus (~> 1.0)
    sandi_meter (1.2.0)
      json
      launchy
      mixlib-cli
    sexp_processor (4.6.0)
    thread_safe (0.3.5)
    unparser (0.2.4)
      abstract_type (~> 0.0.7)
      adamantium (~> 0.2.0)
      concord (~> 0.1.5)
      diff-lcs (~> 1.2.5)
      equalizer (~> 0.0.9)
      parser (~> 2.2.2)
      procto (~> 0.0.2)
    virtus (1.0.5)
      axiom-types (~> 0.1)
      coercible (~> 1.0)
      descendants_tracker (~> 0.0, >= 0.0.3)
      equalizer (~> 0.0, >= 0.0.9)

PLATFORMS
  ruby

DEPENDENCIES
  rspec
  rubycritic
  sandi_meter

BUNDLED WITH
   1.10.5
